GEM
  remote: https://rubygems.org/
  specs:
    coveralls (0.7.0)
      multi_json (~> 1.3)
      rest_client
      simplecov (>= 0.7)
      term-ansicolor
      thor
    docile (1.1.5)
    ffi (1.9.3-x86-mingw32)
    json (1.8.1)
    mime-types (2.3)
    multi_json (1.10.1)
    netrc (0.7.7)
    rake (10.3.2)
    rest_client (1.7.2-x86-mingw32)
      ffi (~> 1.9)
      mime-types (>= 1.16, < 3.0)
      netrc (~> 0.7)
    simplecov (0.9.0)
      docile (~> 1.1.0)
      multi_json
      simplecov-html (~> 0.8.0)
    simplecov-html (0.8.0)
    term-ansicolor (1.3.0)
      tins (~> 1.0)
    thor (0.19.1)
    tins (1.3.0)

PLATFORMS
  x86-mingw32

DEPENDENCIES
  coveralls
  json
  rake
